GEM
  remote: http://rubygems.org/
  specs:
    activesupport (3.0.5)
    coffee-script (2.2.0)
      coffee-script-source
      execjs
    coffee-script-source (1.2.0)
    configuration (1.2.0)
    execjs (1.3.0)
      multi_json (~> 1.0)
    haml (3.1.3)
    heroku (1.19.1)
      activesupport (>= 2.1.0)
      launchy (~> 0.3.2)
      rest-client (>= 1.4.0, < 1.7.0)
    hike (1.2.1)
    launchy (0.3.7)
      configuration (>= 0.0.5)
      rake (>= 0.8.1)
    mime-types (1.16)
    multi_json (1.1.0)
    rack (1.2.2)
    rake (0.8.7)
    rest-client (1.6.1)
      mime-types (>= 1.16)
    sinatra (1.2.1)
      rack (~> 1.1)
      tilt (>= 1.2.2, < 2.0)
    sprockets (2.3.1)
      hike (~> 1.2)
      multi_json (~> 1.0)
      rack (~> 1.0)
      tilt (~> 1.1, != 1.3.0)
    tilt (1.2.2)

PLATFORMS
  ruby

DEPENDENCIES
  coffee-script
  haml
  heroku
  sinatra
  sprockets
